GEM
  remote: http://rubygems.org/
  specs:
    haml (3.0.23)
    json (1.4.6)
    maruku (0.6.0)
      syntax (>= 1.0.0)
    rack (1.2.1)
    sequel (3.17.0)
    sinatra (1.1.0)
      rack (~> 1.1)
      tilt (~> 1.1)
    syntax (1.0.0)
    tilt (1.1)

PLATFORMS
  ruby

DEPENDENCIES
  haml
  json
  maruku
  rack
  sequel
  sinatra
  syntax
  tilt
